NUGET
  remote: https://www.nuget.org/api/v2
  specs:
    Extended.Wpf.Toolkit (2.8)
    gong-wpf-dragdrop (1.0.0-ALPHA013)
      WPFToolkit (>= 3.5.50211.1) - framework: net35
    JetBrains.Annotations (10.1.4)
      System.Runtime (>= 4.0) - framework: dnxcore50
    MahApps.Metro (1.3.0-ALPHA154)
    System.Private.Uri (4.0) - framework: dnxcore50
    System.Runtime (4.0.20) - framework: dnxcore50
      System.Private.Uri (>= 4.0) - framework: dnxcore50
    WPFToolkit (3.5.50211.1) - framework: net35
