NUGET
  remote: https://nuget.org/api/v2
  specs:
    gong-wpf-dragdrop (1.0.0-alpha011)
      WPFToolkit (>= 3.5.50211.1) - framework: net35
    MahApps.Metro (1.1.3-alpha234)
    WPFToolkit (3.5.50211.1) - framework: net35
