NUGET
  remote: https://www.nuget.org/api/v2
    Extended.Wpf.Toolkit (2.9)
    gong-wpf-dragdrop (1.0)
      WPFToolkit (>= 3.5.50211.1) - framework: net35
    JetBrains.Annotations (10.1.5)
      System.Runtime (>= 4.0) - framework: dnxcore50
    MahApps.Metro (1.3.0-ALPHA190)
    MahApps.Metro.IconPacks (1.0)
    Microsoft.NETCore.Platforms (1.0.1) - framework: dnxcore50
    Microsoft.NETCore.Targets (1.0.1) - framework: dnxcore50
    System.Runtime (4.1) - framework: dnxcore50
      Microsoft.NETCore.Platforms (>= 1.0.1) - framework: dnxcore50, netstandard10, netstandard12, netstandard13, >= netstandard15
      Microsoft.NETCore.Targets (>= 1.0.1) - framework: dnxcore50, netstandard10, netstandard12, netstandard13, >= netstandard15
    WPFToolkit (3.5.50211.1) - framework: net35
