NUGET
  remote: https://www.nuget.org/api/v2
  specs:
    Extended.Wpf.Toolkit (2.6)
    gong-wpf-dragdrop (1.0.0-ALPHA013)
      WPFToolkit (>= 3.5.50211.1) - framework: net35
    MahApps.Metro (1.3.0-ALPHA061)
    WPFToolkit (3.5.50211.1) - framework: net35
