FRAMEWORK: >= NET45
NUGET
  remote: https://www.nuget.org/api/v2
    Extended.Wpf.Toolkit (3.0)
    gong-wpf-dragdrop (1.1)
    JetBrains.Annotations (10.2.1)
    MahApps.Metro (1.4.2)
    MahApps.Metro.IconPacks (1.7)
