NUGET
  remote: https://www.nuget.org/api/v2
  specs:
    gong-wpf-dragdrop (1.0.0-ALPHA012)
      WPFToolkit (>= 3.5.50211.1) - framework: net35
    MahApps.Metro (1.2.2)
    WPFToolkit (3.5.50211.1) - framework: net35
